GEM
  remote: http://rubygems.org/
  specs:
    builder (3.0.0)
    dalli (1.1.2)
    fakeweb (1.3.0)
    haml (3.1.2)
    nokogiri (1.4.4)
    rack (1.3.2)
    sass (3.1.7)
    sinatra (1.2.6)
      rack (~> 1.1)
      tilt (>= 1.2.2, < 2.0)
    tilt (1.3.3)

PLATFORMS
  ruby

DEPENDENCIES
  builder
  dalli
  fakeweb
  haml
  nokogiri
  sass
  sinatra
